PATH
  remote: .
  specs:
    sluggo (0.0.1)
      radix62 (~> 1.0.1)

GEM
  remote: https://rubygems.org/
  specs:
    metaclass (0.0.1)
    minitest (5.0.8)
    mocha (0.14.0)
      metaclass (~> 0.0.1)
    radix62 (1.0.1)
    rake (10.1.0)

PLATFORMS
  ruby

DEPENDENCIES
  minitest (~> 5.0.8)
  mocha
  rake (~> 10.1.0)
  sluggo!
